GEM
  remote: https://rubygems.org/
  specs:
    minitest (5.12.0)
    rack (2.0.1)
    rake (10.5.0)

PLATFORMS
  ruby

DEPENDENCIES
  minitest
  rack
  rake

BUNDLED WITH
   1.15.2
