GEM
  remote: https://rubygems.org/
  specs:
    minitest (5.11.3)
    rack (2.0.1)
    rake (13.0.3)

PLATFORMS
  ruby

DEPENDENCIES
  minitest
  rack
  rake

BUNDLED WITH
   1.15.2
