GEM
  remote: https://rubygems.org/
  specs:
    minitest (5.11.3)
    rack (3.0.9.1)
    rake (10.5.0)

PLATFORMS
  ruby

DEPENDENCIES
  minitest
  rack
  rake

BUNDLED WITH
   1.15.2
