GEM
  remote: https://rubygems.org/
  specs:
    minitest (5.11.3)
    rack (2.0.1)
    rake (12.3.1)

PLATFORMS
  ruby

DEPENDENCIES
  minitest
  rack
  rake

BUNDLED WITH
   1.15.2
